GEM
  remote: https://rubygems.org/
  specs:
    bcrypt (3.1.16)
    byebug (11.1.3)

PLATFORMS
  x86_64-linux

DEPENDENCIES
  bcrypt (~> 3.1, >= 3.1.16)
  byebug (~> 11.1, >= 11.1.3)

BUNDLED WITH
   2.2.3
